GEM
  remote: https://rubygems.org/
  specs:
    pandoc-ruby (0.7.5)
    wsse (0.0.2)

PLATFORMS
  ruby

DEPENDENCIES
  pandoc-ruby
  wsse
