GEM
  remote: https://rubygems.org/
  specs:
    wsse (0.0.2)

PLATFORMS
  ruby

DEPENDENCIES
  wsse
